PATH
  remote: .
  specs:
    turnkey (0.2.0)

GEM
  remote: https://rubygems.org/
  specs:
    rake (10.1.0)

PLATFORMS
  ruby

DEPENDENCIES
  rake
  turnkey!
